GEM
  remote: https://rubygems.org/
  specs:
    chunky_png (1.2.6)
    compass (0.12.2)
      chunky_png (~> 1.2)
      fssm (>= 0.2.7)
      sass (~> 3.1)
    fssm (0.2.9)
    sass (3.2.3)
    zurb-foundation (4.0.7)
      sass (>= 3.2.0)

PLATFORMS
  ruby

DEPENDENCIES
  compass
  zurb-foundation (= 4.0.7)
